GEM
  remote: https://rubygems.org/
  specs:
    bson (4.15.0)
    mongo (2.19.1)
      bson (>= 4.14.1, < 5.0.0)

PLATFORMS
  arm64-darwin-22
  x86_64-linux

DEPENDENCIES
  mongo

RUBY VERSION
   ruby 3.2.2p53

BUNDLED WITH
   2.4.12
